GEM
  remote: https://rubygems.org/
  specs:
    curb (0.9.9)
    mini_portile2 (2.4.0)
    nokogiri (1.10.4)
      mini_portile2 (~> 2.4.0)

PLATFORMS
  ruby

DEPENDENCIES
  curb (~> 0.9.9)
  nokogiri (~> 1.6, >= 1.6.6.2)

RUBY VERSION
   ruby 2.5.1p57

BUNDLED WITH
   2.0.1
