GEM
  remote: https://rubygems.org/
  specs:
    curb (0.9.9)
    mini_portile2 (2.5.1)
    nokogiri (1.11.4)
      mini_portile2 (~> 2.5.0)
      racc (~> 1.4)
    racc (1.5.2)

PLATFORMS
  ruby

DEPENDENCIES
  curb (~> 0.9.9)
  nokogiri (~> 1.11)

RUBY VERSION
   ruby 2.5.1p57

BUNDLED WITH
   2.0.1
